PATH
  remote: .
  specs:
    story_branch (0.2.13)
      blanket_wrapper (~> 3.0)
      git (~> 1.2)
      levenshtein-ffi (~> 1.0)
      rb-readline (~> 0.5)

GEM
  remote: https://rubygems.org/
  specs:
    blanket_wrapper (3.0.2)
      httparty
      recursive-open-struct
    byebug (4.0.5)
      columnize (= 0.9.0)
    columnize (0.9.0)
    diff-lcs (1.2.5)
    ffi (1.9.18)
    git (1.3.0)
    httparty (0.15.6)
      multi_xml (>= 0.5.2)
    levenshtein-ffi (1.1.0)
      ffi (~> 1.9)
    multi_xml (0.6.0)
    rb-readline (0.5.5)
    recursive-open-struct (1.0.5)
    rspec (3.0.0)
      rspec-core (~> 3.0.0)
      rspec-expectations (~> 3.0.0)
      rspec-mocks (~> 3.0.0)
    rspec-core (3.0.4)
      rspec-support (~> 3.0.0)
    rspec-expectations (3.0.4)
      diff-lcs (>= 1.2.0, < 2.0)
      rspec-support (~> 3.0.0)
    rspec-mocks (3.0.4)
      rspec-support (~> 3.0.0)
    rspec-support (3.0.4)

PLATFORMS
  ruby

DEPENDENCIES
  byebug (~> 4.0)
  rspec (~> 3.0)
  story_branch!

BUNDLED WITH
   1.14.6
