PATH
  remote: .
  specs:
    story_branch (0.3.0)
      blanket_wrapper (~> 3.0)
      git (~> 1.2)
      levenshtein-ffi (~> 1.0)
      pastel (~> 0.7.2)
      rb-readline (~> 0.5)
      thor (~> 0.20.0)
      tty-command (~> 0.8.0)
      tty-config (~> 0.2.0)
      tty-pager (~> 0.11.0)
      tty-prompt (~> 0.16.1)

GEM
  remote: https://rubygems.org/
  specs:
    blanket_wrapper (3.0.2)
      httparty
      recursive-open-struct
    diff-lcs (1.3)
    equatable (0.5.0)
    fakefs (0.14.2)
    ffi (1.9.23)
    git (1.4.0)
    hitimes (1.2.6)
    httparty (0.16.2)
      multi_xml (>= 0.5.2)
    levenshtein-ffi (1.1.0)
      ffi (~> 1.9)
    multi_xml (0.6.0)
    necromancer (0.4.0)
    pastel (0.7.2)
      equatable (~> 0.5.0)
      tty-color (~> 0.4.0)
    rake (10.4.2)
    rb-readline (0.5.5)
    recursive-open-struct (1.1.0)
    rspec (3.0.0)
      rspec-core (~> 3.0.0)
      rspec-expectations (~> 3.0.0)
      rspec-mocks (~> 3.0.0)
    rspec-core (3.0.4)
      rspec-support (~> 3.0.0)
    rspec-expectations (3.0.4)
      diff-lcs (>= 1.2.0, < 2.0)
      rspec-support (~> 3.0.0)
    rspec-mocks (3.0.4)
      rspec-support (~> 3.0.0)
    rspec-support (3.0.4)
    strings (0.1.1)
      unicode-display_width (~> 1.3.0)
      unicode_utils (~> 1.4.0)
    thor (0.20.0)
    timers (4.1.2)
      hitimes
    tty-color (0.4.2)
    tty-command (0.8.1)
      pastel (~> 0.7.0)
    tty-config (0.2.0)
    tty-cursor (0.5.0)
    tty-pager (0.11.0)
      strings (~> 0.1.0)
      tty-screen (~> 0.6.4)
      tty-which (~> 0.3.0)
    tty-prompt (0.16.1)
      necromancer (~> 0.4.0)
      pastel (~> 0.7.0)
      timers (~> 4.0)
      tty-cursor (~> 0.5.0)
      tty-reader (~> 0.3.0)
    tty-reader (0.3.0)
      tty-cursor (~> 0.5.0)
      tty-screen (~> 0.6.4)
      wisper (~> 2.0.0)
    tty-screen (0.6.4)
    tty-which (0.3.0)
    unicode-display_width (1.3.0)
    unicode_utils (1.4.0)
    wisper (2.0.0)

PLATFORMS
  ruby

DEPENDENCIES
  bundler (~> 1.16)
  fakefs (~> 0.14)
  rake (~> 10.0)
  rspec (~> 3.0)
  story_branch!

BUNDLED WITH
   1.16.2
