PATH
  remote: .
  specs:
    story_branch (0.4.1)
      blanket_wrapper (~> 3.0)
      levenshtein-ffi (~> 1.0)
      pastel (~> 0.7.2)
      thor (~> 0.20.0)
      tty-command (~> 0.8.2)
      tty-config (~> 0.2.0)
      tty-pager (~> 0.11.0)
      tty-prompt (~> 0.17.1)

GEM
  remote: https://rubygems.org/
  specs:
    blanket_wrapper (3.0.2)
      httparty
      recursive-open-struct
    diff-lcs (1.3)
    equatable (0.5.0)
    fakefs (0.18.0)
    ffi (1.9.25)
    git (1.5.0)
    httparty (0.16.3)
      mime-types (~> 3.0)
      multi_xml (>= 0.5.2)
    levenshtein-ffi (1.1.0)
      ffi (~> 1.9)
    mime-types (3.2.2)
      mime-types-data (~> 3.2015)
    mime-types-data (3.2018.0812)
    multi_xml (0.6.0)
    necromancer (0.4.0)
    pastel (0.7.2)
      equatable (~> 0.5.0)
      tty-color (~> 0.4.0)
    rake (10.5.0)
    recursive-open-struct (1.1.0)
    rspec (3.8.0)
      rspec-core (~> 3.8.0)
      rspec-expectations (~> 3.8.0)
      rspec-mocks (~> 3.8.0)
    rspec-core (3.8.0)
      rspec-support (~> 3.8.0)
    rspec-expectations (3.8.2)
      diff-lcs (>= 1.2.0, < 2.0)
      rspec-support (~> 3.8.0)
    rspec-mocks (3.8.0)
      diff-lcs (>= 1.2.0, < 2.0)
      rspec-support (~> 3.8.0)
    rspec-support (3.8.0)
    rspec_junit_formatter (0.4.1)
      rspec-core (>= 2, < 4, != 2.12.0)
    strings (0.1.4)
      strings-ansi (~> 0.1.0)
      unicode-display_width (~> 1.4.0)
      unicode_utils (~> 1.4.0)
    strings-ansi (0.1.0)
    thor (0.20.3)
    timers (4.2.0)
    tty-color (0.4.3)
    tty-command (0.8.2)
      pastel (~> 0.7.0)
    tty-config (0.2.0)
    tty-cursor (0.6.0)
    tty-pager (0.11.0)
      strings (~> 0.1.0)
      tty-screen (~> 0.6.4)
      tty-which (~> 0.3.0)
    tty-prompt (0.17.2)
      necromancer (~> 0.4.0)
      pastel (~> 0.7.0)
      timers (~> 4.0)
      tty-cursor (~> 0.6.0)
      tty-reader (~> 0.4.0)
    tty-reader (0.4.0)
      tty-cursor (~> 0.6.0)
      tty-screen (~> 0.6.4)
      wisper (~> 2.0.0)
    tty-screen (0.6.5)
    tty-which (0.3.0)
    unicode-display_width (1.4.0)
    unicode_utils (1.4.0)
    wisper (2.0.0)

PLATFORMS
  ruby

DEPENDENCIES
  bundler (~> 1.16)
  fakefs (~> 0.14)
  git (~> 1.5)
  rake (~> 10.0)
  rspec (~> 3)
  rspec_junit_formatter (~> 0.4)
  story_branch!

BUNDLED WITH
   1.17.1
